GEM
  remote: http://rubygems.org/
  specs:
    kgio (2.8.1)
    rack (1.4.0)
    rack-protection (1.2.0)
      rack
    raindrops (0.12.0)
    sass (3.1.12)
    shotgun (0.9)
      rack (>= 1.0)
    sinatra (1.3.2)
      rack (~> 1.3, >= 1.3.6)
      rack-protection (~> 1.2)
      tilt (~> 1.3, >= 1.3.3)
    slim (1.1.0)
      temple (~> 0.3.5)
      tilt (~> 1.3.2)
    temple (0.3.5)
    tilt (1.3.3)
    unicorn (4.8.1)
      kgio (~> 2.6)
      rack
      raindrops (~> 0.7)

PLATFORMS
  ruby

DEPENDENCIES
  sass
  shotgun
  sinatra (= 1.3.2)
  slim
  unicorn
