GEM
  remote: http://rubygems.org/
  specs:
    activemodel (3.1.0)
      activesupport (= 3.1.0)
      bcrypt-ruby (~> 3.0.0)
      builder (~> 3.0.0)
      i18n (~> 0.6)
    activesupport (3.1.0)
      multi_json (~> 1.0)
    bcrypt-ruby (3.0.1)
    bson (1.9.2)
    builder (3.0.4)
    i18n (0.6.9)
    kgio (2.8.1)
    mongo (1.9.2)
      bson (~> 1.9.2)
    mongoid (2.8.1)
      activemodel (~> 3.1)
      mongo (~> 1.9)
      tzinfo (~> 0.3.22)
    multi_json (1.8.4)
    rack (1.4.0)
    rack-protection (1.2.0)
      rack
    raindrops (0.12.0)
    sass (3.1.12)
    shotgun (0.9)
      rack (>= 1.0)
    sinatra (1.3.2)
      rack (~> 1.3, >= 1.3.6)
      rack-protection (~> 1.2)
      tilt (~> 1.3, >= 1.3.3)
    slim (1.1.0)
      temple (~> 0.3.5)
      tilt (~> 1.3.2)
    temple (0.3.5)
    tilt (1.3.3)
    tzinfo (0.3.38)
    unicorn (4.8.1)
      kgio (~> 2.6)
      rack
      raindrops (~> 0.7)

PLATFORMS
  ruby

DEPENDENCIES
  activemodel (= 3.1.0)
  mongoid (~> 2.4)
  sass
  shotgun
  sinatra (= 1.3.2)
  slim
  unicorn
